GEM
  remote: https://rubygems.org/
  specs:
    addressable (2.6.0)
      public_suffix (>= 2.0.2, < 4.0)
    domain_name (0.5.20180417)
      unf (>= 0.0.5, < 1.0.0)
    gds-api-adapters (59.3.0)
      addressable
      link_header
      null_logger
      plek (>= 1.9.0)
      rack-cache
      rest-client (~> 2.0)
    http-cookie (1.0.3)
      domain_name (~> 0.5)
    link_header (0.0.8)
    mime-types (3.2.2)
      mime-types-data (~> 3.2015)
    mime-types-data (3.2019.0331)
    netrc (0.11.0)
    null_logger (0.0.1)
    plek (2.1.1)
    public_suffix (3.0.3)
    rack (2.0.7)
    rack-cache (1.9.0)
      rack (>= 0.4)
    rake (12.3.2)
    rest-client (2.0.2)
      http-cookie (>= 1.0.2, < 2.0)
      mime-types (>= 1.16, < 4.0)
      netrc (~> 0.8)
    unf (0.1.4)
      unf_ext
    unf_ext (0.0.7.6)

PLATFORMS
  ruby

DEPENDENCIES
  gds-api-adapters (~> 59.3)
  rake (~> 12.3, >= 12.3.2)

BUNDLED WITH
   2.0.1
